PATH
  remote: .
  specs:
    remotable (0.4.0)
      activerecord
      activeresource (>= 3.2)
      activesupport

GEM
  remote: http://rubygems.org/
  specs:
    active_resource_simulator (0.0.2)
      activeresource
    activemodel (4.0.13)
      activesupport (= 4.0.13)
      builder (~> 3.1.0)
    activerecord (4.0.13)
      activemodel (= 4.0.13)
      activerecord-deprecated_finders (~> 1.0.2)
      activesupport (= 4.0.13)
      arel (~> 4.0.0)
    activerecord-deprecated_finders (1.0.4)
    activeresource (4.1.0)
      activemodel (~> 4.0)
      activesupport (~> 4.0)
      rails-observers (~> 0.1.2)
    activesupport (4.0.13)
      i18n (~> 0.6, >= 0.6.9)
      minitest (~> 4.2)
      multi_json (~> 1.3)
      thread_safe (~> 0.1)
      tzinfo (~> 0.3.37)
    ansi (1.5.0)
    arel (4.0.2)
    builder (3.1.4)
    coderay (1.1.2)
    concurrent-ruby (1.0.5)
    database_cleaner (1.2.0)
    docile (1.3.1)
    factory_girl (2.0.5)
    i18n (0.9.5)
      concurrent-ruby (~> 1.0)
    json (2.1.0)
    method_source (0.9.0)
    minitest (4.7.5)
    multi_json (1.13.1)
    pry (0.11.3)
      coderay (~> 1.1.0)
      method_source (~> 0.9.0)
    rails-observers (0.1.5)
      activemodel (>= 4.0)
    rake (12.3.1)
    rr (1.1.2)
    simplecov (0.16.1)
      docile (~> 1.1)
      json (>= 1.8, < 3)
      simplecov-html (~> 0.10.0)
    simplecov-html (0.10.2)
    sqlite3 (1.3.13)
    thread_safe (0.3.6)
    turn (0.9.7)
      ansi
      minitest (~> 4)
    tzinfo (0.3.54)

PLATFORMS
  ruby

DEPENDENCIES
  active_resource_simulator
  database_cleaner
  factory_girl (~> 2.0.4)
  pry
  rake
  remotable!
  rr
  simplecov
  sqlite3 (~> 1.3.13)
  turn

BUNDLED WITH
   1.16.1
